GEM
  remote: https://rubygems.org/
  specs:
    highline (2.0.3)
    rake (13.0.6)

PLATFORMS
  x64-mingw32

DEPENDENCIES
  highline (~> 2.0, >= 2.0.3)
  rake (~> 13.0)

BUNDLED WITH
   2.2.8
